GEM
  remote: http://rubygems.org/
  specs:
    RedCloth (4.2.9)
    blankslate (2.1.2.4)
    classifier (1.3.4)
      fast-stemmer (>= 1.0.0)
    colorator (0.1)
    commander (4.1.6)
      highline (~> 1.6.11)
    directory_watcher (1.5.1)
    dotenv (0.11.1)
      dotenv-deployment (~> 0.0.2)
    dotenv-deployment (0.0.2)
    fast-stemmer (1.0.2)
    ffi (1.9.3)
    foreman (0.74.0)
      dotenv (~> 0.11.1)
      thor (~> 0.19.1)
    highline (1.6.21)
    jekyll (1.5.1)
      classifier (~> 1.3)
      colorator (~> 0.1)
      commander (~> 4.1.3)
      liquid (~> 2.5.5)
      listen (~> 1.3)
      maruku (= 0.7.0)
      pygments.rb (~> 0.5.0)
      redcarpet (~> 2.3.0)
      safe_yaml (~> 1.0)
      toml (~> 0.1.0)
    kgio (2.9.2)
    liquid (2.5.5)
    listen (1.3.1)
      rb-fsevent (>= 0.9.3)
      rb-inotify (>= 0.9)
      rb-kqueue (>= 0.2)
    maruku (0.7.0)
    parslet (1.5.0)
      blankslate (~> 2.0)
    posix-spawn (0.3.8)
    pygments.rb (0.5.4)
      posix-spawn (~> 0.3.6)
      yajl-ruby (~> 1.1.0)
    rack (1.6.13)
    rack-no-www (0.0.2)
    rack-protection (1.5.2)
      rack
    raindrops (0.13.0)
    rake (10.2.2)
    rb-fsevent (0.9.4)
    rb-inotify (0.9.3)
      ffi (>= 0.5.0)
    rb-kqueue (0.2.2)
      ffi (>= 0.5.0)
    rdiscount (2.1.7)
    redcarpet (2.3.0)
    safe_yaml (1.0.2)
    sinatra (1.4.4)
      rack (~> 1.4)
      rack-protection (~> 1.4)
      tilt (~> 1.3, >= 1.3.4)
    term-ansicolor (1.3.0)
      tins (~> 1.0)
    thor (0.19.1)
    tilt (1.4.1)
    tins (1.0.1)
    toml (0.1.1)
      parslet (~> 1.5.0)
    unicorn (4.8.3)
      kgio (~> 2.6)
      rack
      raindrops (~> 0.7)
    yajl-ruby (1.1.0)

PLATFORMS
  ruby

DEPENDENCIES
  RedCloth
  directory_watcher
  foreman
  jekyll
  rack-no-www
  rake
  rdiscount
  sinatra
  term-ansicolor
  unicorn
